GEM
  remote: https://rubygems.org/
  specs:
    httparty (0.20.0)
      mime-types (~> 3.0)
      multi_xml (>= 0.5.2)
    mime-types (3.4.1)
      mime-types-data (~> 3.2015)
    mime-types-data (3.2022.0105)
    mocha (1.16.0)
    multi_xml (0.6.0)
    power_assert (2.0.2)
    test-unit (3.5.5)
      power_assert

PLATFORMS
  arm64-darwin-21

DEPENDENCIES
  httparty
  mocha
  test-unit

BUNDLED WITH
   2.3.24
